PATH
  remote: .
  specs:
    souvenirs (0.0.1)
      activemodel
      activesupport
      redis
      simple_uuid

GEM
  remote: http://rubygems.org/
  specs:
    activemodel (3.0.3)
      activesupport (= 3.0.3)
      builder (~> 2.1.2)
      i18n (~> 0.4)
    activesupport (3.0.3)
    awesome_print (0.3.1)
    builder (2.1.2)
    diff-lcs (1.1.2)
    i18n (0.5.0)
    rcov (0.9.9)
    redis (2.1.1)
    rspec (2.4.0)
      rspec-core (~> 2.4.0)
      rspec-expectations (~> 2.4.0)
      rspec-mocks (~> 2.4.0)
    rspec-core (2.4.0)
    rspec-expectations (2.4.0)
      diff-lcs (~> 1.1.2)
    rspec-mocks (2.4.0)
    simple_uuid (0.1.2)

PLATFORMS
  ruby

DEPENDENCIES
  awesome_print
  rcov
  rspec
  souvenirs!
