PATH
  remote: .
  specs:
    ricordami (0.0.6)
      activemodel (~> 3.0.0)
      activesupport (~> 3.0.0)
      redis (~> 2.1.1)

GEM
  remote: http://rubygems.org/
  specs:
    ZenTest (4.5.0)
    activemodel (3.0.5)
      activesupport (= 3.0.5)
      builder (~> 2.1.2)
      i18n (~> 0.4)
    activesupport (3.0.5)
    autotest (4.4.6)
      ZenTest (>= 4.4.1)
    autotest-growl (0.2.9)
    awesome_print (0.3.2)
    builder (2.1.2)
    diff-lcs (1.1.2)
    i18n (0.5.0)
    infinity_test (1.0.2)
      notifiers (>= 1.1.0)
      watchr (>= 0.7)
    notifiers (1.1.0)
    redis (2.1.1)
    rspec (2.5.0)
      rspec-core (~> 2.5.0)
      rspec-expectations (~> 2.5.0)
      rspec-mocks (~> 2.5.0)
    rspec-core (2.5.1)
    rspec-expectations (2.5.0)
      diff-lcs (~> 1.1.2)
    rspec-mocks (2.5.0)
    steak (1.1.0)
      rspec (>= 1.3)
    thor (0.14.6)
    watchr (0.7)

PLATFORMS
  java
  ruby

DEPENDENCIES
  autotest
  autotest-growl
  awesome_print
  infinity_test
  ricordami!
  rspec
  steak
  thor
