PATH
  remote: .
  specs:
    souvenirs (0.0.1)
      redis

GEM
  remote: http://rubygems.org/
  specs:
    diff-lcs (1.1.2)
    redis (2.1.1)
    rspec (2.4.0)
      rspec-core (~> 2.4.0)
      rspec-expectations (~> 2.4.0)
      rspec-mocks (~> 2.4.0)
    rspec-core (2.4.0)
    rspec-expectations (2.4.0)
      diff-lcs (~> 1.1.2)
    rspec-mocks (2.4.0)

PLATFORMS
  ruby

DEPENDENCIES
  redis
  rspec
  souvenirs!
